GIT
  remote: https://github.com/puppetlabs/ruby_confluence_api
  revision: 77fe666194d5774f1b522759accc11bcd0f71f07
  specs:
    confluence_api (0.0.1)

GEM
  remote: https://rubygems.org/
  specs:
    httparty (0.13.1)
      json (~> 1.8)
      multi_xml (>= 0.5.2)
    httpclient (2.5.0)
    json (1.8.1)
    multi_xml (0.5.5)
    multipart-post (2.0.0)
    oauth (0.4.7)
    rack (1.5.2)
    vimeo (1.5.4)
      httparty (>= 0.4.5)
      httpclient (>= 2.1.5.2)
      json (>= 1.1.9)
      multipart-post (>= 1.0.1)
      oauth (>= 0.4.3)

PLATFORMS
  ruby

DEPENDENCIES
  confluence_api!
  json
  rack
  vimeo
